RESTRICTION: == net471
NUGET
  remote: https://www.nuget.org/api/v2
    FSharp.Core (4.3.4)
